##TITLE= Parameter file, TopSpin 3.7.0
##JCAMPDX= 5.0
##DATATYPE= Parameter Values
##NPOINTS= 2	$$ modification sequence number
##ORIGIN= Bruker BioSpin GmbH
##OWNER= tyuwen
$$ 2025-12-17 17:40:13.721 -0600  tyuwen@d240016-linux.stjude.org
$$ /home/tyuwen/NMR/par/N15CPMG_NH_nodec_ty_800_cp/acqu3
$$ process /opt/topspin3.7.0/prog/mod/edparproc
##$ACQT0= 0
##$BF1= 81.083562
##$FnILOOP= 0
##$FnMODE= 6
##$NUC1= <15N>
##$NusJSP= 0
##$NusT2= 1
##$NusTD= 0
##$O1= 9648.94
##$ProjAngle= 0
##$SFO1= 81.09321094
##$SW= 30.0000000014346
##$SW_h= 2432.79632831634
##$TD= 128
##END=
